GIT
  remote: git://github.com/sinatra/sinatra.git
  revision: e61370a095504db907839a22fe79f49aa13bdbbb
  specs:
    sinatra (2.0.0.pre.alpha)
      rack (= 2.0.0.alpha)
      rack-protection (~> 1.5)
      tilt (~> 2.0)

GEM
  remote: https://rubygems.org/
  specs:
    json (1.8.3)
    rack (2.0.0.alpha)
      json
    rack-protection (1.5.3)
      rack
    rack-rewrite (1.5.1)
    require_all (1.3.3)
    slim (3.0.6)
      temple (~> 0.7.3)
      tilt (>= 1.3.3, < 2.1)
    temple (0.7.6)
    tilt (2.0.2)

PLATFORMS
  ruby

DEPENDENCIES
  rack-rewrite
  require_all
  sinatra!
  slim

BUNDLED WITH
   1.11.2
